NUGET
  remote: https://www.nuget.org/api/v2
  specs:
    FAKE (4.7.2) - framework: >= net45
    NUnit (2.6.4) - framework: >= net45
    NUnit.Runners (2.6.4) - framework: >= net45
