NUGET
  remote: https://www.nuget.org/api/v2
  specs:
    FAKE (4.4.4) - framework: >= net45
    NUnit (2.6.4) - framework: >= net45
    RhinoMocks (3.6.1) - framework: >= net45
